GEM
  remote: https://rubygems.org/
  specs:
    rake (13.0.5)

PLATFORMS
  ruby

DEPENDENCIES
  rake (= 13.0.5)

BUNDLED WITH
   2.2.15
