GEM
  remote: https://rubygems.org/
  specs:
    exifr (1.3.9)
    fspath (3.1.2)
    image_optim (0.31.1)
      exifr (~> 1.2, >= 1.2.2)
      fspath (~> 3.0)
      image_size (>= 1.5, < 4)
      in_threads (~> 1.3)
      progress (~> 3.0, >= 3.0.1)
    image_optim_pack (0.7.0.20210511)
      fspath (>= 2.1, < 4)
      image_optim (~> 0.19)
    image_size (3.0.0)
    in_threads (1.5.4)
    progress (3.6.0)
    rake (13.0.3)

PLATFORMS
  ruby

DEPENDENCIES
  image_optim
  image_optim_pack
  rake (= 13.0.3)

BUNDLED WITH
   2.2.20
