GEM
  remote: https://rubygems.org/
  specs:
    rake (13.0.3)

PLATFORMS
  ruby

DEPENDENCIES
  rake (= 13.0.3)

BUNDLED WITH
   2.1.4
